NUGET
  remote: https://www.nuget.org/api/v2
    FAKE (4.37.2)
    FSharp.Data.Xsd (1.0)
